GEM
  remote: https://rubygems.org/
  specs:
    corefoundation (0.2.0)
      ffi
    debase (0.2.3.beta5)
      debase-ruby_core_source (>= 0.10.2)
    debase-ruby_core_source (0.10.4)
    ffi (1.10.0)
    optimist (3.0.0)
    rake (12.3.2)
    rb-scpt (1.0.3)
    ruby-debug-ide (0.7.0.beta6)
      rake (>= 0.8.1)
    ruby-keychain (0.3.2)
      corefoundation (~> 0.2.0)
      ffi
    terminal-notifier (2.0.0)

PLATFORMS
  ruby

DEPENDENCIES
  debase (> 0.2.2)
  optimist
  rb-scpt
  ruby-debug-ide (= 0.7.0.beta6)
  ruby-keychain
  terminal-notifier

BUNDLED WITH
   1.17.2
